GEM
  remote: https://rubygems.org/
  specs:
    facter (2.5.7)
    fast_gettext (1.1.2)
    gettext (3.2.9)
      locale (>= 2.0.5)
      text (>= 1.3.0)
    gettext-setup (0.34)
      fast_gettext (~> 1.1.0)
      gettext (>= 3.0.2, < 3.3.0)
      locale
    hiera (3.6.0)
    json_pure (1.8.6)
    locale (2.1.3)
    puppet (4.10.12)
      facter (> 2.0, < 4)
      gettext-setup (>= 0.10, < 1)
      hiera (>= 2.0, < 4)
      json_pure (~> 1.8)
      locale (~> 2.1)
    puppet-lint (2.4.2)
    sync (0.5.0)
    text (1.3.1)

PLATFORMS
  ruby

DEPENDENCIES
  puppet (< 5)!
  puppet-lint!
  sync!

BUNDLED WITH
   2.1.4
